PATH
  remote: .
  specs:
    spyke-kaminari (0.0.6)
      activesupport (>= 4.0.0, < 6.0)
      spyke (>= 3.1)

GEM
  remote: https://rubygems.org/
  specs:
    activemodel (5.0.0)
      activesupport (= 5.0.0)
    activesupport (5.0.0)
      concurrent-ruby (~> 1.0, >= 1.0.2)
      i18n (~> 0.7)
      minitest (~> 5.1)
      tzinfo (~> 1.1)
    addressable (2.3.7)
    coderay (1.1.0)
    concurrent-ruby (1.0.2)
    crack (0.4.2)
      safe_yaml (~> 1.0.0)
    diff-lcs (1.2.5)
    faraday (0.9.2)
      multipart-post (>= 1.2, < 3)
    faraday_middleware (0.10.0)
      faraday (>= 0.7.4, < 0.10)
    i18n (0.7.0)
    method_source (0.8.2)
    minitest (5.9.0)
    multipart-post (2.0.0)
    pry (0.10.1)
      coderay (~> 1.1.0)
      method_source (~> 0.8.1)
      slop (~> 3.4)
    rspec (3.1.0)
      rspec-core (~> 3.1.0)
      rspec-expectations (~> 3.1.0)
      rspec-mocks (~> 3.1.0)
    rspec-core (3.1.7)
      rspec-support (~> 3.1.0)
    rspec-expectations (3.1.2)
      diff-lcs (>= 1.2.0, < 2.0)
      rspec-support (~> 3.1.0)
    rspec-mocks (3.1.3)
      rspec-support (~> 3.1.0)
    rspec-support (3.1.2)
    safe_yaml (1.0.4)
    slop (3.6.0)
    spyke (4.1.1)
      activemodel (>= 4.0.0, < 6.0)
      activesupport (>= 4.0.0, < 6.0)
      faraday (>= 0.9.0, < 2.0)
      faraday_middleware (>= 0.9.1, < 2.0)
      uri_template (>= 0.7.0, < 2.0)
    thread_safe (0.3.5)
    tzinfo (1.2.2)
      thread_safe (~> 0.1)
    uri_template (0.7.0)
    webmock (1.20.4)
      addressable (>= 2.3.6)
      crack (>= 0.3.2)

PLATFORMS
  ruby

DEPENDENCIES
  pry (= 0.10.1)
  rspec (= 3.1.0)
  spyke-kaminari!
  webmock (~> 1.20)

BUNDLED WITH
   1.12.5
